PATH
  remote: .
  specs:
    schema_dot_org (2.3.0)
      validated_object (~> 2.3)

GEM
  remote: https://rubygems.org/
  specs:
    activemodel (6.1.7.10)
      activesupport (= 6.1.7.10)
    activesupport (6.1.7.10)
      concurrent-ruby (~> 1.0, >= 1.0.2)
      i18n (>= 1.6, < 2)
      minitest (>= 5.1)
      tzinfo (~> 2.0)
      zeitwerk (~> 2.3)
    concurrent-ruby (1.3.5)
    diff-lcs (1.6.2)
    i18n (1.14.7)
      concurrent-ruby (~> 1.0)
    minitest (5.25.4)
    rake (13.2.1)
    rspec (3.13.1)
      rspec-core (~> 3.13.0)
      rspec-expectations (~> 3.13.0)
      rspec-mocks (~> 3.13.0)
    rspec-core (3.13.4)
      rspec-support (~> 3.13.0)
    rspec-expectations (3.13.5)
      diff-lcs (>= 1.2.0, < 2.0)
      rspec-support (~> 3.13.0)
    rspec-mocks (3.13.5)
      diff-lcs (>= 1.2.0, < 2.0)
      rspec-support (~> 3.13.0)
    rspec-support (3.13.4)
    sorbet-runtime (0.5.10461)
    tzinfo (2.0.6)
      concurrent-ruby (~> 1.0)
    validated_object (2.3.0)
      activemodel (>= 3.2.21)
      sorbet-runtime (>= 0.5.5890)
    zeitwerk (2.6.18)

PLATFORMS
  x86_64-darwin-20

DEPENDENCIES
  bundler (~> 2.4)
  rake (~> 13.0)
  rspec (~> 3.12)
  schema_dot_org!

BUNDLED WITH
   2.4.20
